PATH
  remote: .
  specs:
    aws-app-logger (0.1.0)
      awesome_print (= 1.9.2)
      aws-sdk-cloudwatchlogs (~> 1.53)
      byebug (~> 11.1, >= 11.1.3)
      pry (~> 0.14.1)
      rainbow (~> 3.1, >= 3.1.1)
      simplecov (~> 0.21.2)

GEM
  remote: https://rubygems.org/
  specs:
    awesome_print (1.9.2)
    aws-eventstream (1.2.0)
    aws-partitions (1.646.0)
    aws-sdk-cloudwatchlogs (1.53.0)
      aws-sdk-core (~> 3, >= 3.127.0)
      aws-sigv4 (~> 1.1)
    aws-sdk-core (3.160.0)
      aws-eventstream (~> 1, >= 1.0.2)
      aws-partitions (~> 1, >= 1.525.0)
      aws-sigv4 (~> 1.1)
      jmespath (~> 1, >= 1.6.1)
    aws-sigv4 (1.5.2)
      aws-eventstream (~> 1, >= 1.0.2)
    byebug (11.1.3)
    coderay (1.1.3)
    docile (1.4.0)
    jmespath (1.6.1)
    method_source (1.0.0)
    power_assert (2.0.1)
    pry (0.14.1)
      coderay (~> 1.1)
      method_source (~> 1.0)
    rainbow (3.1.1)
    rake (13.0.6)
    simplecov (0.21.2)
      docile (~> 1.1)
      simplecov-html (~> 0.11)
      simplecov_json_formatter (~> 0.1)
    simplecov-html (0.12.3)
    simplecov_json_formatter (0.1.4)
    test-unit (3.5.5)
      power_assert

PLATFORMS
  x86_64-linux

DEPENDENCIES
  aws-app-logger!
  rake (~> 13.0)
  test-unit (~> 3.0)

BUNDLED WITH
   2.3.19
