PATH
  remote: .
  specs:
    aws-app-logger (0.2.0)
      aws-sdk-cloudwatchlogs (~> 1.53)
      byebug (~> 11.1, >= 11.1.3)
      mocha (~> 1.15)
      oj (~> 3.13, >= 3.13.21)
      pry (~> 0.14.1)
      rainbow (~> 3.1, >= 3.1.1)
      simplecov (~> 0.21.2)
      vcr (~> 6.1)
      webmock (~> 3.18, >= 3.18.1)

GEM
  remote: https://rubygems.org/
  specs:
    addressable (2.8.1)
      public_suffix (>= 2.0.2, < 6.0)
    aws-eventstream (1.2.0)
    aws-partitions (1.646.0)
    aws-sdk-cloudwatchlogs (1.53.0)
      aws-sdk-core (~> 3, >= 3.127.0)
      aws-sigv4 (~> 1.1)
    aws-sdk-core (3.160.0)
      aws-eventstream (~> 1, >= 1.0.2)
      aws-partitions (~> 1, >= 1.525.0)
      aws-sigv4 (~> 1.1)
      jmespath (~> 1, >= 1.6.1)
    aws-sigv4 (1.5.2)
      aws-eventstream (~> 1, >= 1.0.2)
    byebug (11.1.3)
    coderay (1.1.3)
    crack (0.4.5)
      rexml
    docile (1.4.0)
    hashdiff (1.0.1)
    jmespath (1.6.1)
    method_source (1.0.0)
    mocha (1.15.0)
    oj (3.13.21)
    power_assert (2.0.1)
    pry (0.14.1)
      coderay (~> 1.1)
      method_source (~> 1.0)
    public_suffix (5.0.0)
    rainbow (3.1.1)
    rake (13.0.6)
    rexml (3.2.5)
    simplecov (0.21.2)
      docile (~> 1.1)
      simplecov-html (~> 0.11)
      simplecov_json_formatter (~> 0.1)
    simplecov-html (0.12.3)
    simplecov_json_formatter (0.1.4)
    test-unit (3.5.5)
      power_assert
    vcr (6.1.0)
    webmock (3.18.1)
      addressable (>= 2.8.0)
      crack (>= 0.3.2)
      hashdiff (>= 0.4.0, < 2.0.0)

PLATFORMS
  x86_64-linux

DEPENDENCIES
  aws-app-logger!
  rake (~> 13.0)
  test-unit (~> 3.0)

BUNDLED WITH
   2.4.12
