PATH
  remote: .
  specs:
    aws-app-logger (0.1.0)
      awesome_print (= 1.9.2)
      byebug (~> 11.1, >= 11.1.3)
      pry (~> 0.14.1)
      rainbow (~> 3.1, >= 3.1.1)

GEM
  remote: https://rubygems.org/
  specs:
    awesome_print (1.9.2)
    byebug (11.1.3)
    coderay (1.1.3)
    method_source (1.0.0)
    power_assert (2.0.1)
    pry (0.14.1)
      coderay (~> 1.1)
      method_source (~> 1.0)
    rainbow (3.1.1)
    rake (13.0.6)
    test-unit (3.5.5)
      power_assert

PLATFORMS
  x86_64-linux

DEPENDENCIES
  aws-app-logger!
  rake (~> 13.0)
  test-unit (~> 3.0)

BUNDLED WITH
   2.3.19
